PATH
  remote: .
  specs:
    cfcli (0.0.1)
      cloud_party (~> 0.1.13)
      configparser (~> 0.1.7)
      gli (~> 2.22.0)
      highline (~> 3.0.1)
      os (~> 1.1.4)
      paint (~> 2.3.0)
      rake (~> 13.1.0)
      slugity (~> 1.1)
      terminal-table (~> 3.0.2)

GEM
  remote: https://rubygems.org/
  specs:
    app_configuration (0.0.3)
    cloud_party (0.1.13)
      app_configuration
      httparty (~> 0.16.2)
    configparser (0.1.7)
    gli (2.22.0)
    highline (3.0.1)
    httparty (0.16.4)
      mime-types (~> 3.0)
      multi_xml (>= 0.5.2)
    logger (1.6.2)
    mime-types (3.6.0)
      logger
      mime-types-data (~> 3.2015)
    mime-types-data (3.2024.1203)
    multi_xml (0.6.0)
    os (1.1.4)
    paint (2.3.0)
    rake (13.1.0)
    slugity (1.1.0)
    terminal-table (3.0.2)
      unicode-display_width (>= 1.1.1, < 3)
    unicode-display_width (2.6.0)

PLATFORMS
  x86_64-linux

DEPENDENCIES
  bundler (~> 2.5.22)
  cfcli!

BUNDLED WITH
   2.5.22
