PATH
  remote: .
  specs:
    cfcli (0.0.1)
      cloud_party (~> 0.1)
      configparser (~> 0.1)
      gli (~> 2.22)
      highline (~> 3.0)
      os (~> 1.1)
      paint (~> 2.3)
      rake (~> 13.1)
      slugity (~> 1.1)
      terminal-table (~> 3.0)

GEM
  remote: https://rubygems.org/
  specs:
    app_configuration (0.0.3)
    bigdecimal (3.1.9)
    cloud_party (0.1.16)
      app_configuration
      httparty (~> 0.16.4)
    configparser (0.1.7)
    gli (2.22.0)
    highline (3.1.1)
      reline
    httparty (0.16.4)
      mime-types (~> 3.0)
      multi_xml (>= 0.5.2)
    io-console (0.8.0)
    logger (1.6.4)
    mime-types (3.6.0)
      logger
      mime-types-data (~> 3.2015)
    mime-types-data (3.2024.1203)
    multi_xml (0.7.1)
      bigdecimal (~> 3.1)
    os (1.1.4)
    paint (2.3.0)
    rake (13.2.1)
    reline (0.6.0)
      io-console (~> 0.5)
    slugity (1.1.0)
    terminal-table (3.0.2)
      unicode-display_width (>= 1.1.1, < 3)
    unicode-display_width (2.6.0)

PLATFORMS
  x86_64-linux

DEPENDENCIES
  bundler (~> 2.6)
  cfcli!

BUNDLED WITH
   2.6.2
